GIT
  remote: git@github.com:christoph-buente/redgreengrid.git
  revision: 730825cbb3e5eb9d9f47b5c7339b56c11a3bcaaa
  specs:
    redgreengrid (0.3.1)

GIT
  remote: git@github.com:sozialhelden/big_sitemap.git
  revision: 3c59ffe8e8609fffad1c3796abf132b23a98ae1d
  specs:
    big_sitemap (1.0.0)
      bundler
      rake
      rdoc

PATH
  remote: vendor/gems/crewait-0.1.6
  specs:
    crewait (0.1.6)

GEM
  remote: http://rubygems.org/
  specs:
    GeoRuby (1.3.4)
    POpen4 (0.1.4)
      Platform (>= 0.4.0)
      open4
    Platform (0.4.0)
    ZenTest (4.6.2)
    abstract (1.0.0)
    actionmailer (3.0.17)
      actionpack (= 3.0.17)
      mail (~> 2.2.19)
    actionpack (3.0.17)
      activemodel (= 3.0.17)
      activesupport (= 3.0.17)
      builder (~> 2.1.2)
      erubis (~> 2.6.6)
      i18n (~> 0.5.0)
      rack (~> 1.2.5)
      rack-mount (~> 0.6.14)
      rack-test (~> 0.5.7)
      tzinfo (~> 0.3.23)
    activeadmin (0.3.0)
      devise (>= 1.1.2)
      fastercsv
      formtastic (>= 1.1.0)
      inherited_resources
      kaminari (>= 0.12.4)
      meta_search (>= 0.9.2)
      rails (>= 3.0.0)
      sass (>= 3.1.0)
    activemodel (3.0.17)
      activesupport (= 3.0.17)
      builder (~> 2.1.2)
      i18n (~> 0.5.0)
    activerecord (3.0.17)
      activemodel (= 3.0.17)
      activesupport (= 3.0.17)
      arel (~> 2.0.10)
      tzinfo (~> 0.3.23)
    activeresource (3.0.17)
      activemodel (= 3.0.17)
      activesupport (= 3.0.17)
    activesupport (3.0.17)
    acts_as_api (0.3.11)
      activemodel (>= 3.0.0)
      activesupport (>= 3.0.0)
      rack (>= 1.1.0)
    addressable (2.2.8)
    aggregate (0.2.2)
    arel (2.0.10)
    autotest (4.4.6)
      ZenTest (>= 4.4.1)
    babosa (0.3.6)
    bcrypt-ruby (3.0.1)
    builder (2.1.2)
    capistrano (2.9.0)
      highline
      net-scp (>= 1.0.0)
      net-sftp (>= 2.0.0)
      net-ssh (>= 2.0.14)
      net-ssh-gateway (>= 1.1.0)
    capistrano-ext (1.2.1)
      capistrano (>= 1.0.0)
    capistrano-maintenance (0.0.2)
      capistrano (>= 2.0.0)
    capybara (1.1.1)
      mime-types (>= 1.16)
      nokogiri (>= 1.3.3)
      rack (>= 1.0.0)
      rack-test (>= 0.5.4)
      selenium-webdriver (~> 2.0)
      xpath (~> 0.1.4)
    carrierwave (0.5.8)
      activesupport (~> 3.0)
    childprocess (0.2.2)
      ffi (~> 1.0.6)
    chronic (0.6.7)
    coderay (1.0.8)
    color (1.4.1)
    columnize (0.3.6)
    compass (0.10.6)
      haml (>= 3.0.4)
    crack (0.3.1)
    cucumber (1.2.1)
      builder (>= 2.1.2)
      diff-lcs (>= 1.1.3)
      gherkin (~> 2.11.0)
      json (>= 1.4.6)
    cucumber-rails (1.2.0)
      capybara (>= 1.1.1)
      cucumber (>= 1.1.1)
      nokogiri (>= 1.5.0)
    daemons (1.1.8)
    database_cleaner (0.9.1)
    delayed_job (3.0.4)
      activesupport (~> 3.0)
    delayed_job_active_record (0.3.3)
      activerecord (>= 2.1.0, < 4)
      delayed_job (~> 3.0)
    devise (1.5.3)
      bcrypt-ruby (~> 3.0)
      orm_adapter (~> 0.0.3)
      warden (~> 1.1)
    diff-lcs (1.1.3)
    erubis (2.6.6)
      abstract (>= 1.0.0)
    factory_girl (2.5.0)
      activesupport
    factory_girl_rails (1.6.0)
      factory_girl (~> 2.5.0)
      railties (>= 3.0.0)
    faraday (0.8.4)
      multipart-post (~> 1.1)
    fastercsv (1.5.4)
    ffi (1.0.9)
    formtastic (1.2.4)
      actionpack (>= 2.3.7)
      activesupport (>= 2.3.7)
      i18n (~> 0.4)
    friendly_id (3.3.1)
      babosa (~> 0.3.0)
    geoip (1.1.1)
    gherkin (2.11.5)
      json (>= 1.4.6)
    guard (1.5.4)
      listen (>= 0.4.2)
      lumberjack (>= 1.0.2)
      pry (>= 0.9.10)
      thor (>= 0.14.6)
    guard-cucumber (1.2.2)
      cucumber (>= 1.2.0)
      guard (>= 1.1.0)
    guard-rspec (0.6.0)
      guard (>= 0.10.0)
    guard-spork (0.5.2)
      guard (>= 0.10.0)
      spork (>= 0.8.4)
    haml (3.1.4)
    has_scope (0.5.1)
    hashie (1.2.0)
    highline (1.6.9)
    hoe (2.12.3)
      rake (~> 0.8)
    hoptoad_notifier (2.4.11)
      activesupport
      builder
    httparty (0.9.0)
      multi_json (~> 1.0)
      multi_xml
    i18n (0.5.0)
    inherited_resources (1.3.0)
      has_scope (~> 0.5.0)
      responders (~> 0.6.0)
    jammit (0.6.5)
      yui-compressor (>= 0.9.3)
    json (1.7.5)
    json_pure (1.6.1)
    kaminari (0.13.0)
      actionpack (>= 3.0.0)
      activesupport (>= 3.0.0)
      railties (>= 3.0.0)
    kgio (2.7.4)
    launchy (2.0.5)
      addressable (~> 2.2.6)
    librato-metrics (0.7.3)
      aggregate (~> 0.2.2)
      faraday (~> 0.7)
      multi_json (~> 1.3)
    libxml-ruby (2.3.3)
    linecache (0.46)
      rbx-require-relative (> 0.0.4)
    listen (0.6.0)
    lumberjack (1.0.2)
    mail (2.2.19)
      activesupport (>= 2.3.6)
      i18n (>= 0.4.0)
      mime-types (~> 1.16)
      treetop (~> 1.4.8)
    memcache-client (1.8.5)
    meta_search (1.0.6)
      actionpack (~> 3.0.2)
      activerecord (~> 3.0.2)
      activesupport (~> 3.0.2)
      arel (~> 2.0.2)
    method_source (0.8.1)
    mime-types (1.19)
    multi_json (1.3.6)
    multi_xml (0.5.1)
    multipart-post (1.1.5)
    mysql2 (0.2.18)
    net-scp (1.0.4)
      net-ssh (>= 1.99.1)
    net-sftp (2.0.5)
      net-ssh (>= 2.0.9)
    net-ssh (2.3.0)
    net-ssh-gateway (1.1.0)
      net-ssh (>= 1.99.1)
    newrelic_rpm (3.4.0.1)
    nokogiri (1.5.0)
    oauth (0.4.7)
    omniauth (1.1.0)
      hashie (~> 1.2)
      rack
    omniauth-oauth (1.0.1)
      oauth
      omniauth (~> 1.0)
    omniauth-osm (0.3.0)
      omniauth-oauth (~> 1.0)
    open4 (1.3.0)
    orm_adapter (0.0.7)
    pdf-writer (1.1.8)
      color (>= 1.4.0)
      transaction-simple (~> 1.3)
    pickle (0.4.10)
      cucumber (>= 0.8)
      rake
    polyglot (0.3.3)
    pry (0.9.10)
      coderay (~> 1.0.5)
      method_source (~> 0.8)
      slop (~> 3.3.1)
    rack (1.2.5)
    rack-mount (0.6.14)
      rack (>= 1.0.0)
    rack-test (0.5.7)
      rack (>= 1.0)
    rails (3.0.17)
      actionmailer (= 3.0.17)
      actionpack (= 3.0.17)
      activerecord (= 3.0.17)
      activeresource (= 3.0.17)
      activesupport (= 3.0.17)
      bundler (~> 1.0)
      railties (= 3.0.17)
    railties (3.0.17)
      actionpack (= 3.0.17)
      activesupport (= 3.0.17)
      rake (>= 0.8.7)
      rdoc (~> 3.4)
      thor (~> 0.14.4)
    raindrops (0.8.0)
    rake (0.9.2.2)
    rb-fsevent (0.9.2)
    rbx-require-relative (0.0.9)
    rdoc (3.12)
      json (~> 1.4)
    responders (0.6.4)
    rgeo (0.3.14)
    rmagick (2.13.1)
    rosemary (0.3.9)
      activemodel
      builder
      httparty (>= 0.8.3)
      libxml-ruby
      oauth
    routing-filter (0.2.4)
      actionpack
    rspec (2.12.0)
      rspec-core (~> 2.12.0)
      rspec-expectations (~> 2.12.0)
      rspec-mocks (~> 2.12.0)
    rspec-core (2.12.1)
    rspec-expectations (2.12.0)
      diff-lcs (~> 1.1.3)
    rspec-mocks (2.12.0)
    rspec-rails (2.12.0)
      actionpack (>= 3.0)
      activesupport (>= 3.0)
      railties (>= 3.0)
      rspec-core (~> 2.12.0)
      rspec-expectations (~> 2.12.0)
      rspec-mocks (~> 2.12.0)
    ruby-debug (0.10.4)
      columnize (>= 0.1)
      ruby-debug-base (~> 0.10.4.0)
    ruby-debug-base (0.10.4)
      linecache (>= 0.3)
    rubyzip (0.9.4)
    ruport (1.6.3)
      fastercsv
      pdf-writer (= 1.1.8)
    sass (3.1.12)
    selenium-webdriver (2.10.0)
      childprocess (>= 0.2.1)
      ffi (= 1.0.9)
      json_pure
      rubyzip
    shoulda-matchers (1.1.0)
      activesupport (>= 3.0.0)
    slop (3.3.3)
    spatial_adapter (1.3.1)
      GeoRuby (>= 1.3.0)
      activerecord (>= 2.2.2, < 3.1.0)
    spork (0.9.0)
    syntax (1.0.0)
    system_timer (1.2.4)
    thor (0.14.6)
    transaction-simple (1.4.0)
      hoe (>= 1.1.7)
    treetop (1.4.10)
      polyglot
      polyglot (>= 0.3.1)
    tzinfo (0.3.35)
    unicorn (4.3.1)
      kgio (~> 2.6)
      rack
      raindrops (~> 0.7)
    warden (1.1.0)
      raindrops (~> 0.6)
    webmock (1.7.10)
      addressable (~> 2.2, > 2.2.5)
      crack (>= 0.1.7)
    whenever (0.7.3)
      activesupport (>= 2.3.4)
      chronic (~> 0.6.3)
    will_paginate (3.0.3)
    xpath (0.1.4)
      nokogiri (~> 1.3)
    ya2yaml (0.30)
    yajl-ruby (1.0.0)
    yui-compressor (0.9.6)
      POpen4 (>= 0.1.4)

PLATFORMS
  ruby

DEPENDENCIES
  activeadmin
  acts_as_api
  autotest
  big_sitemap!
  capistrano
  capistrano-ext
  capistrano-maintenance
  capybara
  carrierwave
  compass (= 0.10.6)
  crewait!
  cucumber (= 1.2.1)
  cucumber-rails
  daemons
  database_cleaner
  delayed_job
  delayed_job_active_record
  devise
  factory_girl_rails
  fastercsv
  formtastic (= 1.2.4)
  friendly_id (~> 3.3.1)
  geoip
  guard
  guard-cucumber (= 1.2.2)
  guard-rspec
  guard-spork
  haml
  has_scope
  hoptoad_notifier
  inherited_resources
  jammit
  kaminari
  launchy
  librato-metrics
  libxml-ruby
  memcache-client
  multipart-post
  mysql2 (~> 0.2.18)
  newrelic_rpm
  nokogiri
  oauth
  omniauth-osm
  pickle
  rails (= 3.0.17)
  rake
  rb-fsevent
  redgreengrid!
  rgeo
  rmagick
  rosemary
  routing-filter
  rspec (= 2.12.0)
  rspec-rails (= 2.12.0)
  ruby-debug
  ruport
  sass
  shoulda-matchers
  spatial_adapter
  spork
  syntax
  system_timer
  unicorn
  webmock
  whenever
  will_paginate
  ya2yaml
  yajl-ruby
